PATH
  remote: .
  specs:
    cmd-editor (1.2.1)

GEM
  remote: https://rubygems.org/
  specs:
    diff-lcs (1.4.4)
    mocha (1.11.2)
    rspec (3.10.0)
      rspec-core (~> 3.10.0)
      rspec-expectations (~> 3.10.0)
      rspec-mocks (~> 3.10.0)
    rspec-core (3.10.0)
      rspec-support (~> 3.10.0)
    rspec-expectations (3.10.0)
      diff-lcs (>= 1.2.0, < 2.0)
      rspec-support (~> 3.10.0)
    rspec-mocks (3.10.0)
      diff-lcs (>= 1.2.0, < 2.0)
      rspec-support (~> 3.10.0)
    rspec-support (3.10.0)

PLATFORMS
  ruby

DEPENDENCIES
  cmd-editor!
  mocha
  rspec

BUNDLED WITH
   2.1.4
